PATH
  remote: .
  specs:
    foreman_webhooks (0.0.1)

GEM
  remote: https://rubygems.org/
  specs:
    ast (2.4.1)
    jaro_winkler (1.5.4)
    parallel (1.19.2)
    parser (2.7.1.5)
      ast (~> 2.4.1)
    rainbow (3.0.0)
    rdoc (6.2.1)
    rubocop (0.71.0)
      jaro_winkler (~> 1.5.1)
      parallel (~> 1.10)
      parser (>= 2.6)
      rainbow (>= 2.2.2, < 4.0)
      ruby-progressbar (~> 1.7)
      unicode-display_width (>= 1.4.0, < 1.7)
    ruby-progressbar (1.10.1)
    unicode-display_width (1.6.1)

PLATFORMS
  ruby
  x86_64-darwin-18

DEPENDENCIES
  foreman_webhooks!
  rdoc
  rubocop (~> 0.71.0)

BUNDLED WITH
   2.1.4
